NUGET
  remote: https://www.nuget.org/api/v2
  specs:
    FsCheck (2.6.2)
      FSharp.Core (>= 3.1.2.5)
    FsCheck.Nunit (2.6.2)
      FsCheck (>= 2.6.2)
      NUnit (>= 2.6.4 < 2.7.0)
      NUnit.Runners (>= 2.6.4 < 2.7.0)
    FSharp.Core (4.0.0.1)
    NUnit (2.6.4)
    NUnit.Runners (2.6.4)
